GEM
  remote: https://rubygems.org/
  specs:
    ansi (1.5.0)
    builder (3.2.4)
    minitest (5.18.1)
    minitest-reporters (1.6.0)
      ansi
      builder
      minitest (>= 5.0)
      ruby-progressbar
    ruby-progressbar (1.13.0)

PLATFORMS
  arm64-darwin-22

DEPENDENCIES
  minitest
  minitest-reporters

BUNDLED WITH
   2.4.10
